PATH
  remote: .
  specs:
    liquid-nested-sort (0.1.5)
      liquid (>= 4.0, < 5.0)

GEM
  remote: https://rubygems.org/
  specs:
    diff-lcs (1.4.4)
    liquid (4.0.3)
    rspec (3.9.0)
      rspec-core (~> 3.9.0)
      rspec-expectations (~> 3.9.0)
      rspec-mocks (~> 3.9.0)
    rspec-core (3.9.2)
      rspec-support (~> 3.9.3)
    rspec-expectations (3.9.2)
      diff-lcs (>= 1.2.0, < 2.0)
      rspec-support (~> 3.9.0)
    rspec-mocks (3.9.1)
      diff-lcs (>= 1.2.0, < 2.0)
      rspec-support (~> 3.9.0)
    rspec-support (3.9.3)

PLATFORMS
  ruby

DEPENDENCIES
  liquid-nested-sort!
  rspec (~> 3.9)

BUNDLED WITH
   2.1.4
